NUGET
  remote: https://nuget.org/api/v2
  specs:
    FSharp.Compiler.Tools (3.1.2.2)
    Microsoft.Owin (3.0.1)
      Owin (>= 1.0)
    Microsoft.Owin.Diagnostics (3.0.1)
      Microsoft.Owin (>= 3.0.1)
      Owin (>= 1.0)
    Microsoft.Owin.FileSystems (3.0.1)
    Microsoft.Owin.Host.HttpListener (3.0.1)
    Microsoft.Owin.Hosting (3.0.1)
      Microsoft.Owin (>= 3.0.1)
      Owin (>= 1.0)
    Microsoft.Owin.SelfHost (3.0.1)
      Microsoft.Owin (>= 3.0.1)
      Microsoft.Owin.Diagnostics (>= 3.0.1)
      Microsoft.Owin.Host.HttpListener (>= 3.0.1)
      Microsoft.Owin.Hosting (>= 3.0.1)
      Owin (>= 1.0)
    Microsoft.Owin.StaticFiles (3.0.1)
      Microsoft.Owin (>= 3.0.1)
      Microsoft.Owin.FileSystems (>= 3.0.1)
      Owin (>= 1.0)
    Npgsql (2.2.5)
    NUnit (2.6.4)
    Owin (1.0)
    Unquote (3.0.0)
    WebSharper (3.2.11.173)
    WebSharper.Compiler (3.2.7.173)
      WebSharper (>= 3.2.11.173)
    WebSharper.Owin (3.2.11.89)
      Microsoft.Owin
      Owin
      WebSharper
    WebSharper.Warp (3.2.17.20)
      Microsoft.Owin
      Microsoft.Owin.Diagnostics
      Microsoft.Owin.FileSystems
      Microsoft.Owin.Host.HttpListener
      Microsoft.Owin.Hosting
      Microsoft.Owin.SelfHost
      Microsoft.Owin.StaticFiles
      Owin
      WebSharper
      WebSharper.Compiler
      WebSharper.Owin
